PATH
  remote: .
  specs:
    sparrow (0.1.0)
      google-cloud-pubsub (>= 1.6, < 3.0)
      octokit (>= 4.15, < 7.0)
      ougai (>= 1.8, < 3.0)
      sentry-ruby (>= 4, < 6)

GEM
  remote: https://rubygems.org/
  specs:
    addressable (2.8.1)
      public_suffix (>= 2.0.2, < 6.0)
    ast (2.4.2)
    concurrent-ruby (1.1.10)
    crack (0.4.5)
      rexml
    diff-lcs (1.5.0)
    faraday (2.6.0)
      faraday-net_http (>= 2.0, < 3.1)
      ruby2_keywords (>= 0.0.4)
    faraday-net_http (3.0.1)
    faraday-retry (2.0.0)
      faraday (~> 2.0)
    gapic-common (0.12.0)
      faraday (>= 1.9, < 3.a)
      faraday-retry (>= 1.0, < 3.a)
      google-protobuf (~> 3.14)
      googleapis-common-protos (>= 1.3.12, < 2.a)
      googleapis-common-protos-types (>= 1.3.1, < 2.a)
      googleauth (~> 1.0)
      grpc (~> 1.36)
    google-cloud-core (1.6.0)
      google-cloud-env (~> 1.0)
      google-cloud-errors (~> 1.0)
    google-cloud-env (1.6.0)
      faraday (>= 0.17.3, < 3.0)
    google-cloud-errors (1.3.0)
    google-cloud-pubsub (2.13.0)
      concurrent-ruby (~> 1.1)
      google-cloud-core (~> 1.5)
      google-cloud-pubsub-v1 (~> 0.8)
      retriable (~> 3.1)
    google-cloud-pubsub-v1 (0.11.0)
      gapic-common (>= 0.10, < 2.a)
      google-cloud-errors (~> 1.0)
      grpc-google-iam-v1 (~> 1.1)
    google-protobuf (3.21.8)
    google-protobuf (3.21.8-x86_64-linux)
    googleapis-common-protos (1.3.12)
      google-protobuf (~> 3.14)
      googleapis-common-protos-types (~> 1.2)
      grpc (~> 1.27)
    googleapis-common-protos-types (1.4.0)
      google-protobuf (~> 3.14)
    googleauth (1.3.0)
      faraday (>= 0.17.3, < 3.a)
      jwt (>= 1.4, < 3.0)
      memoist (~> 0.16)
      multi_json (~> 1.11)
      os (>= 0.9, < 2.0)
      signet (>= 0.16, < 2.a)
    grpc (1.50.0)
      google-protobuf (~> 3.21)
      googleapis-common-protos-types (~> 1.0)
    grpc (1.50.0-x86_64-linux)
      google-protobuf (~> 3.21)
      googleapis-common-protos-types (~> 1.0)
    grpc-google-iam-v1 (1.2.0)
      google-protobuf (~> 3.14)
      googleapis-common-protos (>= 1.3.12, < 2.0)
      grpc (~> 1.27)
    hashdiff (1.0.1)
    json (2.6.2)
    jwt (2.5.0)
    memoist (0.16.2)
    multi_json (1.15.0)
    octokit (6.0.0)
      faraday (>= 1, < 3)
      sawyer (~> 0.9)
    oj (3.13.13)
    os (1.1.4)
    ougai (2.0.0)
      oj (~> 3.10)
    parallel (1.22.1)
    parser (3.1.2.1)
      ast (~> 2.4.1)
    public_suffix (5.0.0)
    rainbow (3.1.1)
    rake (13.0.6)
    regexp_parser (2.6.0)
    retriable (3.1.2)
    rexml (3.2.5)
    rspec (3.11.0)
      rspec-core (~> 3.11.0)
      rspec-expectations (~> 3.11.0)
      rspec-mocks (~> 3.11.0)
    rspec-core (3.11.0)
      rspec-support (~> 3.11.0)
    rspec-expectations (3.11.0)
      diff-lcs (>= 1.2.0, < 2.0)
      rspec-support (~> 3.11.0)
    rspec-mocks (3.11.1)
      diff-lcs (>= 1.2.0, < 2.0)
      rspec-support (~> 3.11.0)
    rspec-support (3.11.1)
    rspec_junit_formatter (0.6.0)
      rspec-core (>= 2, < 4, != 2.12.0)
    rubocop (1.37.1)
      json (~> 2.3)
      parallel (~> 1.10)
      parser (>= 3.1.2.1)
      rainbow (>= 2.2.2, < 4.0)
      regexp_parser (>= 1.8, < 3.0)
      rexml (>= 3.2.5, < 4.0)
      rubocop-ast (>= 1.23.0, < 2.0)
      ruby-progressbar (~> 1.7)
      unicode-display_width (>= 1.4.0, < 3.0)
    rubocop-ast (1.23.0)
      parser (>= 3.1.1.0)
    rubocop-performance (1.15.0)
      rubocop (>= 1.7.0, < 2.0)
      rubocop-ast (>= 0.4.0)
    rubocop-rspec (2.14.0)
      rubocop (~> 1.33)
    ruby-progressbar (1.11.0)
    ruby2_keywords (0.0.5)
    sawyer (0.9.2)
      addressable (>= 2.3.5)
      faraday (>= 0.17.3, < 3)
    sentry-ruby (5.5.0)
      concurrent-ruby (~> 1.0, >= 1.0.2)
    signet (0.17.0)
      addressable (~> 2.8)
      faraday (>= 0.17.5, < 3.a)
      jwt (>= 1.5, < 3.0)
      multi_json (~> 1.10)
    unicode-display_width (2.3.0)
    vcr (6.1.0)
    webmock (3.18.1)
      addressable (>= 2.8.0)
      crack (>= 0.3.2)
      hashdiff (>= 0.4.0, < 2.0.0)
    webrick (1.7.0)
    yard (0.9.27)
      webrick (~> 1.7.0)

PLATFORMS
  ruby
  x86_64-linux

DEPENDENCIES
  bundler
  rake
  rspec
  rspec_junit_formatter
  rubocop
  rubocop-performance
  rubocop-rspec
  sparrow!
  vcr
  webmock
  yard

BUNDLED WITH
   2.2.15
